GEM
  remote: https://rubygems.org/
  specs:
    actionmailer (5.1.4)
      actionpack (= 5.1.4)
      actionview (= 5.1.4)
      activejob (= 5.1.4)
      mail (~> 2.5, >= 2.5.4)
      rails-dom-testing (~> 2.0)
    actionpack (5.1.4)
      actionview (= 5.1.4)
      activesupport (= 5.1.4)
      rack (~> 2.0)
      rack-test (>= 0.6.3)
      rails-dom-testing (~> 2.0)
      rails-html-sanitizer (~> 1.0, >= 1.0.2)
    actionview (5.1.4)
      activesupport (= 5.1.4)
      builder (~> 3.1)
      erubi (~> 1.4)
      rails-dom-testing (~> 2.0)
      rails-html-sanitizer (~> 1.0, >= 1.0.3)
    activejob (5.1.4)
      activesupport (= 5.1.4)
      globalid (>= 0.3.6)
    activesupport (5.1.4)
      concurrent-ruby (~> 1.0, >= 1.0.2)
      i18n (~> 0.7)
      minitest (~> 5.1)
      tzinfo (~> 1.1)
    backports (3.10.0)
    builder (3.2.3)
    coderay (1.1.2)
    concurrent-ruby (1.0.5)
    crass (1.0.2)
    erubi (1.7.0)
    globalid (0.4.0)
      activesupport (>= 4.2.0)
    i18n (0.8.6)
    logger (1.2.8)
    loofah (2.1.1)
      crass (~> 1.0.2)
      nokogiri (>= 1.5.9)
    mail (2.6.6)
      mime-types (>= 1.16, < 4)
    method_source (0.9.0)
    mime-types (3.1)
      mime-types-data (~> 3.2015)
    mime-types-data (3.2016.0521)
    mini_portile2 (2.3.0)
    minitest (5.10.3)
    multi_json (1.12.2)
    mustermann (1.0.1)
    nokogiri (1.8.1)
      mini_portile2 (~> 2.3.0)
    pry (0.11.1)
      coderay (~> 1.1.0)
      method_source (~> 0.9.0)
    rack (2.0.3)
    rack-protection (2.0.0)
      rack
    rack-test (0.7.0)
      rack (>= 1.0, < 3)
    racksh (1.0.0)
      rack (>= 1.0)
      rack-test (>= 0.5)
    rails-dom-testing (2.0.3)
      activesupport (>= 4.2.0)
      nokogiri (>= 1.6)
    rails-html-sanitizer (1.0.3)
      loofah (~> 2.0)
    sinatra (2.0.0)
      mustermann (~> 1.0)
      rack (~> 2.0)
      rack-protection (= 2.0.0)
      tilt (~> 2.0)
    sinatra-contrib (2.0.0)
      backports (>= 2.0)
      multi_json
      mustermann (~> 1.0)
      rack-protection (= 2.0.0)
      sinatra (= 2.0.0)
      tilt (>= 1.3, < 3)
    sinatra-cross_origin (0.4.0)
    thor (0.20.0)
    thread_safe (0.3.6)
    tilt (2.0.8)
    tzinfo (1.2.3)
      thread_safe (~> 0.1)

PLATFORMS
  ruby

DEPENDENCIES
  actionmailer
  logger
  pry
  racksh
  sinatra
  sinatra-contrib
  sinatra-cross_origin
  thor

BUNDLED WITH
   1.15.4
